GEM
  remote: https://rubygems.org/
  specs:
    activesupport (7.0.2.2)
      concurrent-ruby (~> 1.0, >= 1.0.2)
      i18n (>= 1.6, < 2)
      minitest (>= 5.1)
      tzinfo (~> 2.0)
    coderay (1.1.0)
    concurrent-ruby (1.1.9)
    i18n (1.10.0)
      concurrent-ruby (~> 1.0)
    method_source (0.8.2)
    minitest (5.15.0)
    pry (0.10.1)
      coderay (~> 1.1.0)
      method_source (~> 0.8.1)
      slop (~> 3.4)
    slop (3.6.0)
    tzinfo (2.0.4)
      concurrent-ruby (~> 1.0)

PLATFORMS
  ruby

DEPENDENCIES
  activesupport (>= 5.2.4.3)
  pry

BUNDLED WITH
   2.1.4
